GEM
  remote: http://rubygems.org/
  specs:
    backports (3.6.0)
    hash-deep-merge (0.1.1)
    lazy_high_charts (1.5.2)
      bundler (>= 1.0)
      hash-deep-merge
    multi_json (1.9.0)
    rack (1.5.2)
    rack-protection (1.5.2)
      rack
    rack-test (0.6.2)
      rack (>= 1.0)
    sass (3.3.2)
    sinatra (1.4.4)
      rack (~> 1.4)
      rack-protection (~> 1.4)
      tilt (~> 1.3, >= 1.3.4)
    sinatra-contrib (1.4.2)
      backports (>= 2.0)
      multi_json
      rack-protection
      rack-test
      sinatra (~> 1.4.0)
      tilt (~> 1.3)
    slim (2.0.2)
      temple (~> 0.6.6)
      tilt (>= 1.3.3, < 2.1)
    temple (0.6.7)
    tilt (1.4.1)

PLATFORMS
  ruby

DEPENDENCIES
  lazy_high_charts
  sass
  sinatra
  sinatra-contrib
  slim
